PATH
  remote: .
  specs:
    slab (1.0.0)
      activesupport (~> 3.2.3)

GEM
  remote: http://rubygems.org/
  specs:
    activesupport (3.2.6)
      i18n (~> 0.6)
      multi_json (~> 1.0)
    i18n (0.6.0)
    multi_json (1.3.6)
    simplecov (0.6.4)
      multi_json (~> 1.0)
      simplecov-html (~> 0.5.3)
    simplecov-html (0.5.3)
    sqlite3 (1.3.6)

PLATFORMS
  ruby

DEPENDENCIES
  simplecov
  slab!
  sqlite3
